FRAMEWORK: NET45
NUGET
  remote: https://www.nuget.org/api/v2
    ExtCore (0.8.46)
    FAKE (4.50.1)
    Fantomas (2.5)
      FSharp.Compiler.Service (>= 10.0.1)
    FSharp.Compiler.CodeDom (0.9.2)
    FSharp.Compiler.Service (11.0.4)
      System.Collections.Immutable (>= 1.2)
      System.Reflection.Metadata (>= 1.4.1-beta-24227-04)
    FSharp.Core (4.0.0.1)
    Mono.Cecil (0.9.6.4)
    Newtonsoft.Json (9.0.1)
    System.Collections.Immutable (1.3.1)
    System.Reflection.Metadata (1.4.2)
      System.Collections.Immutable (>= 1.3.1)
    System.ValueTuple (4.3)
