FRAMEWORK: NET461
NUGET
  remote: https://www.nuget.org/api/v2
    ExtCore (0.8.46)
    FAKE (4.61)
    Fantomas (2.6.1)
      FSharp.Compiler.Service (>= 11.0.4)
    FSharp.Compiler.CodeDom (0.9.2)
    FSharp.Compiler.Service (12.0.8)
      System.Collections.Immutable (>= 1.3.1)
      System.Reflection.Metadata (>= 1.4.2)
    FSharp.Core (4.1.0.2)
      System.ValueTuple (>= 4.3)
    Mono.Cecil (0.9.6.4)
    Newtonsoft.Json (10.0.1)
    StrongNamer (0.0.3)
    System.Collections.Immutable (1.3.1)
    System.Reflection.Metadata (1.4.2)
      System.Collections.Immutable (>= 1.3.1)
    System.ValueTuple (4.3)
