RESTRICTION: == net461
NUGET
  remote: https://www.nuget.org/api/v2
    ExtCore (0.8.46)
    FAKE (4.61.1)
    Fantomas (2.6.1)
      FSharp.Compiler.Service (>= 11.0.4)
    FSharp.Compiler.CodeDom (0.9.2)
    FSharp.Compiler.Service (17.0.1)
      System.Collections.Immutable (>= 1.3.1)
      System.Reflection.Metadata (>= 1.4.2)
    FSharp.Core (4.1.0.2)
      System.ValueTuple (>= 4.3)
    Mono.Cecil (0.10.0-beta6)
    Newtonsoft.Json (10.0.3)
    StrongNamer (0.0.6)
    System.Collections.Immutable (1.3.1)
    System.Reactive.Core (3.1.1)
      System.Reactive.Interfaces (>= 3.1.1)
    System.Reactive.Interfaces (3.1.1)
    System.Reactive.Linq (3.1.1)
      System.Reactive.Core (>= 3.1.1)
    System.Reflection.Metadata (1.4.2)
      System.Collections.Immutable (>= 1.3.1)
    System.ValueTuple (4.3.1)
